GEM
  remote: http://rubygems.org/
  specs:
    activesupport (3.2.13)
      i18n (= 0.6.1)
      multi_json (~> 1.0)
    aws-sdk (1.9.5)
      json (~> 1.4)
      nokogiri (>= 1.4.4)
      uuidtools (~> 2.1)
    bson (1.8.5)
    bson_ext (1.8.5)
      bson (~> 1.8.5)
    coderay (1.0.9)
    daemons (1.1.9)
    eventmachine (1.0.3)
    git (1.2.5)
    i18n (0.6.1)
    jeweler (1.8.4)
      bundler (~> 1.0)
      git (>= 1.2.5)
      rake
      rdoc
    json (1.7.7)
    method_source (0.8.1)
    mongo (1.8.5)
      bson (~> 1.8.5)
    multi_json (1.7.3)
    net-ssh (2.6.7)
    nokogiri (1.5.9)
    peach (0.5.1)
    pry (0.9.12.1)
      coderay (~> 1.0.5)
      method_source (~> 0.8)
      slop (~> 3.4)
    rack (1.5.2)
    rack-protection (1.5.0)
      rack
    rake (10.0.4)
    rdoc (4.0.1)
      json (~> 1.4)
    redis (3.0.4)
    shotgun (0.9)
      rack (>= 1.0)
    shoulda (3.5.0)
      shoulda-context (~> 1.0, >= 1.0.1)
      shoulda-matchers (>= 1.4.1, < 3.0)
    shoulda-context (1.1.1)
    shoulda-matchers (2.1.0)
      activesupport (>= 3.0.0)
    simplecov (0.7.1)
      multi_json (~> 1.0)
      simplecov-html (~> 0.7.1)
    simplecov-html (0.7.1)
    sinatra (1.4.2)
      rack (~> 1.5, >= 1.5.2)
      rack-protection (~> 1.4)
      tilt (~> 1.3, >= 1.3.4)
    slop (3.4.4)
    thin (1.5.1)
      daemons (>= 1.0.9)
      eventmachine (>= 0.12.6)
      rack (>= 1.0.0)
    tilt (1.4.1)
    uuidtools (2.1.4)

PLATFORMS
  ruby

DEPENDENCIES
  aws-sdk
  bson_ext
  bundler
  jeweler (~> 1.8.4)
  mongo
  net-ssh
  peach
  pry
  rdoc
  redis
  shotgun
  shoulda
  simplecov
  sinatra
  thin
