GEM
  remote: http://rubygems.org/
  specs:
    airbrake (4.1.0)
      builder
      multi_json
    aws-sdk (1.54.0)
      aws-sdk-v1 (= 1.54.0)
    aws-sdk-v1 (1.54.0)
      json (~> 1.4)
      nokogiri (>= 1.4.4)
    builder (3.2.2)
    daemons (1.1.9)
    eventmachine (1.0.3)
    json (1.8.1)
    mini_portile (0.6.0)
    multi_json (1.10.1)
    net-ssh (2.9.1)
    nokogiri (1.6.3.1)
      mini_portile (= 0.6.0)
    peach (0.5.1)
    rack (1.5.2)
    rack-protection (1.5.3)
      rack
    redis (3.1.0)
    sinatra (1.4.5)
      rack (~> 1.4)
      rack-protection (~> 1.4)
      tilt (~> 1.3, >= 1.3.4)
    thin (1.6.2)
      daemons (>= 1.0.9)
      eventmachine (>= 1.0.0)
      rack (>= 1.0.0)
    tilt (1.4.1)

PLATFORMS
  ruby

DEPENDENCIES
  airbrake
  aws-sdk (~> 1.54)
  net-ssh (~> 2.9)
  peach (~> 0.5)
  redis (~> 3.1)
  sinatra (~> 1.4)
  thin (~> 1.6)
