PATH
  remote: .
  specs:
    gaptool-server (0.6.0)
      airbrake (~> 4.1)
      aws-sdk (~> 1.54)
      net-ssh (~> 2.9)
      peach (~> 0.5)
      pry (~> 0.10)
      racksh (~> 1.0)
      redis (~> 3.1)
      sinatra (~> 1.4)
      unicorn (~> 4.8)

GEM
  remote: http://rubygems.org/
  specs:
    airbrake (4.1.0)
      builder
      multi_json
    aws-sdk (1.54.0)
      aws-sdk-v1 (= 1.54.0)
    aws-sdk-v1 (1.54.0)
      json (~> 1.4)
      nokogiri (>= 1.4.4)
    builder (3.2.2)
    coderay (1.1.0)
    json (1.8.1)
    kgio (2.9.2)
    method_source (0.8.2)
    mini_portile (0.6.0)
    multi_json (1.10.1)
    net-ssh (2.9.1)
    nokogiri (1.6.3.1)
      mini_portile (= 0.6.0)
    peach (0.5.1)
    pry (0.10.1)
      coderay (~> 1.1.0)
      method_source (~> 0.8.1)
      slop (~> 3.4)
    rack (1.5.2)
    rack-protection (1.5.3)
      rack
    rack-test (0.6.2)
      rack (>= 1.0)
    racksh (1.0.0)
      rack (>= 1.0)
      rack-test (>= 0.5)
    raindrops (0.13.0)
    redis (3.1.0)
    sinatra (1.4.5)
      rack (~> 1.4)
      rack-protection (~> 1.4)
      tilt (~> 1.3, >= 1.3.4)
    slop (3.6.0)
    tilt (1.4.1)
    unicorn (4.8.3)
      kgio (~> 2.6)
      rack
      raindrops (~> 0.7)

PLATFORMS
  ruby

DEPENDENCIES
  gaptool-server!
